PATH
  remote: ../..
  specs:
    activeadmin (2.4.0)
      arbre (~> 1.2, >= 1.2.1)
      formtastic (~> 3.1)
      formtastic_i18n (~> 0.4)
      inherited_resources (~> 1.7)
      jquery-rails (~> 4.2)
      kaminari (~> 1.0, >= 1.0.1)
      railties (>= 5.2, < 6.1)
      ransack (~> 2.1, >= 2.1.1)
      sassc-rails (~> 2.1)
      sprockets (>= 3.0, < 4.1)

GEM
  remote: https://rubygems.org/
  specs:
    actioncable (5.2.4.2)
      actionpack (= 5.2.4.2)
      nio4r (~> 2.0)
      websocket-driver (>= 0.6.1)
    actionmailer (5.2.4.2)
      actionpack (= 5.2.4.2)
      actionview (= 5.2.4.2)
      activejob (= 5.2.4.2)
      mail (~> 2.5, >= 2.5.4)
      rails-dom-testing (~> 2.0)
    actionpack (5.2.4.2)
      actionview (= 5.2.4.2)
      activesupport (= 5.2.4.2)
      rack (~> 2.0, >= 2.0.8)
      rack-test (>= 0.6.3)
      rails-dom-testing (~> 2.0)
      rails-html-sanitizer (~> 1.0, >= 1.0.2)
    actionview (5.2.4.2)
      activesupport (= 5.2.4.2)
      builder (~> 3.1)
      erubi (~> 1.4)
      rails-dom-testing (~> 2.0)
      rails-html-sanitizer (~> 1.0, >= 1.0.3)
    activejob (5.2.4.2)
      activesupport (= 5.2.4.2)
      globalid (>= 0.3.6)
    activemodel (5.2.4.2)
      activesupport (= 5.2.4.2)
    activemodel-serializers-xml (1.0.2)
      activemodel (> 5.x)
      activesupport (> 5.x)
      builder (~> 3.1)
    activerecord (5.2.4.2)
      activemodel (= 5.2.4.2)
      activesupport (= 5.2.4.2)
      arel (>= 9.0)
    activerecord-jdbc-adapter (52.3-java)
      activerecord (~> 5.2.0)
    activerecord-jdbcsqlite3-adapter (52.3-java)
      activerecord-jdbc-adapter (= 52.3)
      jdbc-sqlite3 (~> 3.8, < 3.30)
    activestorage (5.2.4.2)
      actionpack (= 5.2.4.2)
      activerecord (= 5.2.4.2)
      marcel (~> 0.3.1)
    activesupport (5.2.4.2)
      concurrent-ruby (~> 1.0, >= 1.0.2)
      i18n (>= 0.7, < 2)
      minitest (~> 5.1)
      tzinfo (~> 1.1)
    addressable (2.7.0)
      public_suffix (>= 2.0.2, < 5.0)
    apparition (0.5.0)
      capybara (~> 3.13, < 4)
      websocket-driver (>= 0.6.5)
    arbre (1.2.1)
      activesupport (>= 3.0.0)
    arel (9.0.0)
    backports (3.15.0)
    bcrypt (3.1.13)
    bcrypt (3.1.13-java)
    builder (3.2.4)
    byebug (11.1.1)
    cancancan (3.1.0)
    capybara (3.31.0)
      addressable
      mini_mime (>= 0.1.3)
      nokogiri (~> 1.8)
      rack (>= 1.6.0)
      rack-test (>= 0.6.3)
      regexp_parser (~> 1.5)
      xpath (~> 3.2)
    coderay (1.1.2)
    concurrent-ruby (1.1.5)
    crass (1.0.6)
    cucumber (3.1.2)
      builder (>= 2.1.2)
      cucumber-core (~> 3.2.0)
      cucumber-expressions (~> 6.0.1)
      cucumber-wire (~> 0.0.1)
      diff-lcs (~> 1.3)
      gherkin (~> 5.1.0)
      multi_json (>= 1.7.5, < 2.0)
      multi_test (>= 0.1.2)
    cucumber-core (3.2.1)
      backports (>= 3.8.0)
      cucumber-tag_expressions (~> 1.1.0)
      gherkin (~> 5.0)
    cucumber-expressions (6.0.1)
    cucumber-rails (2.0.0)
      capybara (>= 2.12, < 4)
      cucumber (>= 3.0.2, < 4)
      mime-types (>= 2.0, < 4)
      nokogiri (~> 1.8)
      railties (>= 4.2, < 7)
    cucumber-tag_expressions (1.1.1)
    cucumber-wire (0.0.1)
    database_cleaner (1.8.4)
    db-query-matchers (0.10.0)
      activesupport (>= 4.0, < 7)
      rspec (~> 3.0)
    devise (4.7.1)
      bcrypt (~> 3.0)
      orm_adapter (~> 0.1)
      railties (>= 4.1.0)
      responders
      warden (~> 1.2.3)
    diff-lcs (1.3)
    docile (1.3.2)
    draper (3.1.0)
      actionpack (>= 5.0)
      activemodel (>= 5.0)
      activemodel-serializers-xml (>= 1.0)
      activesupport (>= 5.0)
      request_store (>= 1.0)
    erubi (1.9.0)
    ffi (1.12.2)
    ffi (1.12.2-java)
    formtastic (3.1.5)
      actionpack (>= 3.2.13)
    formtastic_i18n (0.6.0)
    gherkin (5.1.0)
    globalid (0.4.2)
      activesupport (>= 4.2.0)
    has_scope (0.7.2)
      actionpack (>= 4.1)
      activesupport (>= 4.1)
    i18n (1.8.2)
      concurrent-ruby (~> 1.0)
    inherited_resources (1.11.0)
      actionpack (>= 5.0, < 6.1)
      has_scope (~> 0.6)
      railties (>= 5.0, < 6.1)
      responders (>= 2, < 4)
    jasmine (2.99.0)
      jasmine-core (>= 2.99.0, < 3.0.0)
      phantomjs
      rack (>= 1.2.1)
      rake
    jasmine-core (2.99.2)
    jdbc-sqlite3 (3.28.0)
    jquery-rails (4.3.5)
      rails-dom-testing (>= 1, < 3)
      railties (>= 4.2.0)
      thor (>= 0.14, < 2.0)
    jruby-openssl (0.10.2-java)
    json (2.3.0)
    json (2.3.0-java)
    kaminari (1.2.0)
      activesupport (>= 4.1.0)
      kaminari-actionview (= 1.2.0)
      kaminari-activerecord (= 1.2.0)
      kaminari-core (= 1.2.0)
    kaminari-actionview (1.2.0)
      actionview
      kaminari-core (= 1.2.0)
    kaminari-activerecord (1.2.0)
      activerecord
      kaminari-core (= 1.2.0)
    kaminari-core (1.2.0)
    launchy (2.5.0)
      addressable (~> 2.7)
    loofah (2.4.0)
      crass (~> 1.0.2)
      nokogiri (>= 1.5.9)
    mail (2.7.1)
      mini_mime (>= 0.1.1)
    marcel (0.3.3)
      mimemagic (~> 0.3.2)
    method_source (0.9.2)
    mime-types (3.3)
      mime-types-data (~> 3.2015)
    mime-types-data (3.2019.1009)
    mimemagic (0.3.4)
    mini_mime (1.0.2)
    mini_portile2 (2.4.0)
    minitest (5.14.0)
    multi_json (1.14.1)
    multi_test (0.1.2)
    nio4r (2.5.2)
    nio4r (2.5.2-java)
    nokogiri (1.10.8)
      mini_portile2 (~> 2.4.0)
    nokogiri (1.10.8-java)
    orm_adapter (0.5.0)
    parallel (1.19.1)
    parallel_tests (2.32.0)
      parallel
    phantomjs (2.1.1.0)
    polyamorous (2.3.2)
      activerecord (>= 5.2.1)
    pry (0.12.2)
      coderay (~> 1.1.0)
      method_source (~> 0.9.0)
    pry (0.12.2-java)
      coderay (~> 1.1.0)
      method_source (~> 0.9.0)
      spoon (~> 0.0)
    pry-byebug (3.8.0)
      byebug (~> 11.0)
      pry (~> 0.10)
    public_suffix (4.0.3)
    pundit (2.1.0)
      activesupport (>= 3.0.0)
    rack (2.1.1)
    rack-test (1.1.0)
      rack (>= 1.0, < 3)
    rails (5.2.4.2)
      actioncable (= 5.2.4.2)
      actionmailer (= 5.2.4.2)
      actionpack (= 5.2.4.2)
      actionview (= 5.2.4.2)
      activejob (= 5.2.4.2)
      activemodel (= 5.2.4.2)
      activerecord (= 5.2.4.2)
      activestorage (= 5.2.4.2)
      activesupport (= 5.2.4.2)
      bundler (>= 1.3.0)
      railties (= 5.2.4.2)
      sprockets-rails (>= 2.0.0)
    rails-dom-testing (2.0.3)
      activesupport (>= 4.2.0)
      nokogiri (>= 1.6)
    rails-html-sanitizer (1.3.0)
      loofah (~> 2.3)
    rails-i18n (5.1.3)
      i18n (>= 0.7, < 2)
      railties (>= 5.0, < 6)
    railties (5.2.4.2)
      actionpack (= 5.2.4.2)
      activesupport (= 5.2.4.2)
      method_source
      rake (>= 0.8.7)
      thor (>= 0.19.0, < 2.0)
    rake (13.0.1)
    ransack (2.3.2)
      activerecord (>= 5.2.1)
      activesupport (>= 5.2.1)
      i18n
      polyamorous (= 2.3.2)
    regexp_parser (1.6.0)
    request_store (1.4.1)
      rack (>= 1.4)
    responders (3.0.0)
      actionpack (>= 5.0)
      railties (>= 5.0)
    rspec (3.9.0)
      rspec-core (~> 3.9.0)
      rspec-expectations (~> 3.9.0)
      rspec-mocks (~> 3.9.0)
    rspec-core (3.9.0)
      rspec-support (~> 3.9.0)
    rspec-expectations (3.9.0)
      diff-lcs (>= 1.2.0, < 2.0)
      rspec-support (~> 3.9.0)
    rspec-mocks (3.9.0)
      diff-lcs (>= 1.2.0, < 2.0)
      rspec-support (~> 3.9.0)
    rspec-rails (3.9.0)
      actionpack (>= 3.0)
      activesupport (>= 3.0)
      railties (>= 3.0)
      rspec-core (~> 3.9.0)
      rspec-expectations (~> 3.9.0)
      rspec-mocks (~> 3.9.0)
      rspec-support (~> 3.9.0)
    rspec-support (3.9.0)
    sassc (2.2.1)
      ffi (~> 1.9)
    sassc-rails (2.1.2)
      railties (>= 4.0.0)
      sassc (>= 2.0)
      sprockets (> 3.0)
      sprockets-rails
      tilt
    simplecov (0.17.1)
      docile (~> 1.1)
      json (>= 1.8, < 3)
      simplecov-html (~> 0.10.0)
    simplecov-html (0.10.2)
    spoon (0.0.6)
      ffi
    sprockets (4.0.0)
      concurrent-ruby (~> 1.0)
      rack (> 1, < 3)
    sprockets-rails (3.2.1)
      actionpack (>= 4.0)
      activesupport (>= 4.0)
      sprockets (>= 3.0.0)
    sqlite3 (1.4.2)
    thor (1.0.1)
    thread_safe (0.3.6)
    thread_safe (0.3.6-java)
    tilt (2.0.10)
    tzinfo (1.2.6)
      thread_safe (~> 0.1)
    warden (1.2.8)
      rack (>= 2.0.6)
    websocket-driver (0.7.1)
      websocket-extensions (>= 0.1.0)
    websocket-driver (0.7.1-java)
      websocket-extensions (>= 0.1.0)
    websocket-extensions (0.1.4)
    xpath (3.2.0)
      nokogiri (~> 1.8)

PLATFORMS
  java
  ruby

DEPENDENCIES
  activeadmin!
  activerecord-jdbcsqlite3-adapter (~> 52.0)
  apparition
  cancancan
  capybara (~> 3.14)
  cucumber
  cucumber-rails (~> 2.0)
  database_cleaner
  db-query-matchers (= 0.10.0)
  devise (~> 4.7)
  draper (~> 3.1)
  jasmine
  jasmine-core (= 2.99.2)
  jruby-openssl (~> 0.10.1)
  launchy
  parallel_tests (~> 2.26)
  pry
  pry-byebug
  pundit
  rails (~> 5.2.3)
  rails-i18n
  rake
  rspec-rails
  simplecov (= 0.17.1)
  sqlite3 (~> 1.4)

BUNDLED WITH
   2.0.2
